GEM
  remote: http://rubygems.org/
  specs:
    metaclass (0.0.1)
    minitest (2.12.1)
    mocha (0.12.7)
      metaclass (~> 0.0.1)
    purdytest (1.0.0)
      minitest (~> 2.2)

PLATFORMS
  ruby

DEPENDENCIES
  mocha
  purdytest
