GEM
  remote: https://rubygems.org/
  specs:
    metaclass (0.0.1)
    minitest (5.0.8)
    minitest-colorize (0.0.5)
      minitest (>= 2.0)
    mocha (0.14.0)
      metaclass (~> 0.0.1)
    rake (10.0.4)

PLATFORMS
  ruby

DEPENDENCIES
  minitest (= 5.0.8)
  minitest-colorize (= 0.0.5)
  mocha (= 0.14.0)
  rake
